PATH
  remote: .
  specs:
    estorm_lotto_tools (0.3.9)
      hurley (~> 0.1)
      hwid (~> 0.2)
      parseconfig (~> 1.0)
      thor (~> 0.19)

GEM
  remote: https://rubygems.org/
  specs:
    codeclimate-test-reporter (0.4.8)
      simplecov (>= 0.7.1, < 1.0.0)
    docile (1.1.5)
    hurley (0.2)
    hwid (0.2.0)
    json (1.8.3)
    minitest (5.8.2)
    parseconfig (1.0.6)
    simplecov (0.10.0)
      docile (~> 1.1.0)
      json (~> 1.8)
      simplecov-html (~> 0.10.0)
    simplecov-html (0.10.0)
    thor (0.19.1)

PLATFORMS
  ruby

DEPENDENCIES
  codeclimate-test-reporter
  estorm_lotto_tools!
  hurley
  hwid
  minitest
  parseconfig
  thor
