PATH
  remote: .
  specs:
    estorm_lotto_tools (0.5.0)
      hurley (~> 0.1)
      hwid (~> 0.2)
      parseconfig (~> 1.0)
      thor (~> 0.19)

GEM
  remote: https://rubygems.org/
  specs:
    codeclimate-test-reporter (1.0.8)
      simplecov (<= 0.13)
    docile (1.1.5)
    hurley (0.2)
    hwid (0.2.0)
    json (2.1.0)
    minitest (5.11.3)
    parseconfig (1.0.8)
    simplecov (0.13.0)
      docile (~> 1.1.0)
      json (>= 1.8, < 3)
      simplecov-html (~> 0.10.0)
    simplecov-html (0.10.2)
    thor (0.20.0)

PLATFORMS
  ruby

DEPENDENCIES
  codeclimate-test-reporter
  estorm_lotto_tools!
  hurley
  hwid
  minitest
  parseconfig
  thor

BUNDLED WITH
   1.16.0
