PATH
  remote: .
  specs:
    estorm_lotto_tools (0.1.8)
      parseconfig
      thor

GEM
  remote: https://rubygems.org/
  remote: https://n6ojjVsAxpecp7UjaAzD@gem.fury.io/semdinsp/
  specs:
    codeclimate-test-reporter (0.3.0)
      simplecov (>= 0.7.1, < 1.0.0)
    docile (1.1.3)
    minitest (5.3.0)
    multi_json (1.8.4)
    parseconfig (1.0.4)
    simplecov (0.8.2)
      docile (~> 1.1.0)
      multi_json
      simplecov-html (~> 0.8.0)
    simplecov-html (0.8.0)
    thor (0.19.1)

PLATFORMS
  ruby

DEPENDENCIES
  codeclimate-test-reporter
  estorm_lotto_tools!
  minitest
  multi_json
